PATH
  remote: .
  specs:
    graph_mediator (0.2.3)
      aasm (= 2.2.0)
      activerecord (~> 3.0)
      activesupport (~> 3.0)

GEM
  remote: https://rubygems.org/
  specs:
    aasm (2.2.0)
    activemodel (3.0.0)
      activesupport (= 3.0.0)
      builder (~> 2.1.2)
      i18n (~> 0.4.1)
    activerecord (3.0.0)
      activemodel (= 3.0.0)
      activesupport (= 3.0.0)
      arel (~> 1.0.0)
      tzinfo (~> 0.3.23)
    activesupport (3.0.0)
    arel (1.0.1)
      activesupport (~> 3.0.0)
    builder (2.1.2)
    coderay (1.1.0)
    diff-lcs (1.2.5)
    i18n (0.4.2)
    method_source (0.8.2)
    pry (0.9.12.6)
      coderay (~> 1.0)
      method_source (~> 0.8)
      slop (~> 3.4)
    pry-doc (0.6.0)
      pry (~> 0.9)
      yard (~> 0.8)
    rspec (1.3.2)
    slop (3.5.0)
    sqlite3 (1.3.9)
    tzinfo (0.3.39)
    yard (0.8.7.4)

PLATFORMS
  ruby

DEPENDENCIES
  activesupport (~> 3.0)
  diff-lcs
  graph_mediator!
  pry
  pry-doc
  rspec (~> 1.3)
  sqlite3
